PATH
  remote: .
  specs:
    smugsyncv2 (0.0.2)
      deepopenstruct (~> 0.1.2)
      faraday (~> 0.9.1)
      faraday_middleware (~> 0.9.1)
      oauth (~> 0.4.7)
      simple_oauth (~> 0.3.1)
      thor (~> 0.19.1)

GEM
  remote: https://rubygems.org/
  specs:
    deepopenstruct (0.1.2)
    faraday (0.9.2)
      multipart-post (>= 1.2, < 3)
    faraday_middleware (0.9.2)
      faraday (>= 0.7.4, < 0.10)
    multipart-post (2.0.0)
    oauth (0.4.7)
    rake (10.5.0)
    simple_oauth (0.3.1)
    thor (0.19.4)

PLATFORMS
  ruby

DEPENDENCIES
  bundler (~> 1.7)
  rake (~> 10.0)
  smugsyncv2!

BUNDLED WITH
   1.12.5
